GIT
  remote: https://github.com/cryptape/ruby-bitcoin-secp256k1
  revision: e2f47bcc9e85b4d52eeaf4f7649a9a25b0083a11
  specs:
    bitcoin-secp256k1 (0.5.2)
      ffi (>= 1.9.25)

GIT
  remote: https://github.com/bluzelle/money-tree
  revision: 244549cbc855b65c4a003ae1b089a0adc793f482
  specs:
    money-tree (0.10.0)
      ffi

PATH
  remote: .
  specs:
    bluzelle (0.1.1)
      bip_mnemonic (~> 0.0.4)
      ecdsa (~> 1.2.0)

GEM
  remote: https://rubygems.org/
  specs:
    backports (3.17.1)
    bip_mnemonic (0.0.4)
    diff-lcs (1.3)
    dotenv (2.7.5)
    ecdsa (1.2.0)
    ffi (1.12.2)
    multi_json (1.14.1)
    mustermann (1.1.1)
      ruby2_keywords (~> 0.0.1)
    rack (2.2.6.2)
    rack-protection (2.0.8.1)
      rack
    rspec (3.9.0)
      rspec-core (~> 3.9.0)
      rspec-expectations (~> 3.9.0)
      rspec-mocks (~> 3.9.0)
    rspec-core (3.9.1)
      rspec-support (~> 3.9.1)
    rspec-expectations (3.9.1)
      diff-lcs (>= 1.2.0, < 2.0)
      rspec-support (~> 3.9.0)
    rspec-mocks (3.9.1)
      diff-lcs (>= 1.2.0, < 2.0)
      rspec-support (~> 3.9.0)
    rspec-retry (0.6.2)
      rspec-core (> 3.3)
    rspec-support (3.9.2)
    ruby2_keywords (0.0.2)
    sinatra (2.0.8.1)
      mustermann (~> 1.0)
      rack (~> 2.0)
      rack-protection (= 2.0.8.1)
      tilt (~> 2.0)
    sinatra-contrib (2.0.8.1)
      backports (>= 2.8.2)
      multi_json
      mustermann (~> 1.0)
      rack-protection (= 2.0.8.1)
      sinatra (= 2.0.8.1)
      tilt (~> 2.0)
    tilt (2.0.10)

PLATFORMS
  ruby

DEPENDENCIES
  bitcoin-secp256k1!
  bluzelle!
  dotenv
  money-tree!
  rspec
  rspec-retry
  sinatra
  sinatra-contrib

BUNDLED WITH
   2.1.4
